GEM
  remote: https://rubygems.org/
  specs:
    smarter_csv (1.6.1)

PLATFORMS
  ruby

DEPENDENCIES
  smarter_csv

BUNDLED WITH
   2.1.4
